PATH
  remote: .
  specs:
    boring_generators (0.4.0)

GEM
  remote: https://rubygems.org/
  specs:
    minitest (5.14.2)
    rake (12.3.3)

PLATFORMS
  ruby

DEPENDENCIES
  boring_generators!
  minitest (~> 5.0)
  rake (~> 12.0)

BUNDLED WITH
   2.1.4
